PATH
  remote: ../rulers
  specs:
    rulers (0.0.4)
      erubis
      multi_json (~> 0)
      rack (~> 0)
      sqlite3 (~> 0)

GEM
  remote: https://rubygems.org/
  specs:
    erubis (2.7.0)
    ffi (1.9.10)
    multi_json (0.0.5)
    rack (0.9.1)
    sqlite3 (0.1.1)
      ffi (>= 0.6.3)

PLATFORMS
  ruby

DEPENDENCIES
  rulers!

BUNDLED WITH
   1.14.3
