PATH
  remote: ../rulers
  specs:
    rulers (0.0.4)
      erubis
      multi_json (~> 0)
      rack (~> 0)
      sqlite3 (~> 0)

GEM
  remote: https://rubygems.org/
  specs:
    byebug (9.0.6)
    coderay (1.1.1)
    erubis (2.7.0)
    ffi (1.9.10)
    method_source (0.8.2)
    multi_json (0.0.5)
    pry (0.10.4)
      coderay (~> 1.1.0)
      method_source (~> 0.8.1)
      slop (~> 3.4)
    pry-byebug (3.4.0)
      byebug (~> 9.0)
      pry (~> 0.10)
    rack (0.9.1)
    slop (3.6.0)
    sqlite3 (0.1.1)
      ffi (>= 0.6.3)

PLATFORMS
  ruby

DEPENDENCIES
  pry-byebug
  rulers!

BUNDLED WITH
   1.14.3
