PATH
  remote: ../rulers
  specs:
    rulers (0.0.1)

GEM
  remote: https://rubygems.org/
  specs:

PLATFORMS
  ruby

DEPENDENCIES
  rulers!

BUNDLED WITH
   1.12.5
